NUGET
  remote: https://www.nuget.org/api/v2
  specs:
    FSharp.Core (4.0.0.1) - redirects: force

GROUP Build
NUGET
  remote: https://www.nuget.org/api/v2
  specs:
    FAKE (4.27)
    FSharp.Compiler.Service (2.0.0.6)
    FSharp.Formatting (2.14.2)
      FSharp.Compiler.Service (2.0.0.6)
      FSharpVSPowerTools.Core (>= 2.3 < 2.4)
    FSharpVSPowerTools.Core (2.3)
      FSharp.Compiler.Service (>= 2.0.0.3)
    Microsoft.Bcl (1.1.10) - framework: net10, net11, net20, net30, net35, net40, net40-full
      Microsoft.Bcl.Build (>= 1.0.14)
    Microsoft.Bcl.Build (1.0.21) - import_targets: false, framework: net10, net11, net20, net30, net35, net40, net40-full
    Microsoft.Net.Http (2.2.29) - framework: net10, net11, net20, net30, net35, net40, net40-full
      Microsoft.Bcl (>= 1.1.10)
      Microsoft.Bcl.Build (>= 1.0.14)
    Octokit (0.19)
      Microsoft.Net.Http  - framework: net10, net11, net20, net30, net35, net40, net40-full
    SourceLink.Fake (1.1)
GITHUB
  remote: fsharp/FAKE
  specs:
    modules/Octokit/Octokit.fsx (8c077f35f8cd0350485109ddd1810dafe9885d1a)
      Octokit
GROUP Test
NUGET
  remote: https://www.nuget.org/api/v2
  specs:
    NUnit (2.6.4)
    NUnit.Runners (2.6.4)
